GEM
  remote: http://rubygems.org/
  specs:
    chunky_png (0.8.0)
    compass (0.10.4)
      haml (>= 3.0.4)
    haml (3.0.16)
    rake (0.8.7)
    rspec (1.3.0)

PLATFORMS
  ruby

DEPENDENCIES
  chunky_png (>= 0.8.0)
  compass (>= 0.10.0)
  haml (>= 3.0.0)
  rake (>= 0.8.7)
  rspec (>= 1.3.0)
